GEM
  remote: https://rubygems.org/
  specs:
    em-websocket (0.5.3)
      eventmachine (>= 0.12.9)
      http_parser.rb (~> 0)
    eventmachine (1.2.7)
    http_parser.rb (0.8.0)

PLATFORMS
  ruby
  x86_64-linux

DEPENDENCIES
  em-websocket

BUNDLED WITH
   2.5.16
